PATH
  remote: .
  specs:
    mailmanager (1.0.19)
      json (~> 1.4.6)
      open4 (~> 1.0.1)

GEM
  remote: http://rubygems.org/
  specs:
    ZenTest (4.4.2)
    archive-tar-minitar (0.5.2)
    builder (3.2.2)
    ci_reporter (2.0.0)
      builder (>= 2.1.2)
    columnize (0.8.9)
    cucumber (1.3.16)
      builder (>= 2.1.2)
      diff-lcs (>= 1.1.3)
      gherkin (~> 2.12)
      multi_json (>= 1.7.5, < 2.0)
      multi_test (>= 0.1.1)
    diff-lcs (1.1.3)
    docile (1.1.5)
    gherkin (2.12.2)
      multi_json (~> 1.3)
    json (1.4.6)
    linecache19 (0.5.12)
      ruby_core_source (>= 0.1.4)
    multi_json (1.10.1)
    multi_test (0.1.1)
    open4 (1.0.1)
    rspec (2.4.0)
      rspec-core (~> 2.4.0)
      rspec-expectations (~> 2.4.0)
      rspec-mocks (~> 2.4.0)
    rspec-core (2.4.0)
    rspec-expectations (2.4.0)
      diff-lcs (~> 1.1.2)
    rspec-mocks (2.4.0)
    ruby-debug-base19 (0.11.25)
      columnize (>= 0.3.1)
      linecache19 (>= 0.5.11)
      ruby_core_source (>= 0.1.4)
    ruby-debug19 (0.11.6)
      columnize (>= 0.3.1)
      linecache19 (>= 0.5.11)
      ruby-debug-base19 (>= 0.11.19)
    ruby_core_source (0.1.5)
      archive-tar-minitar (>= 0.5.2)
    simplecov (0.9.0)
      docile (~> 1.1.0)
      multi_json
      simplecov-html (~> 0.8.0)
    simplecov-html (0.8.0)
    simplecov-rcov (0.1.4)
      simplecov

PLATFORMS
  ruby

DEPENDENCIES
  ZenTest (~> 4.4.2)
  ci_reporter
  cucumber
  mailmanager!
  rspec (~> 2.4.0)
  ruby-debug19
  simplecov
  simplecov-rcov (~> 0.1.4)
